GEM
  remote: https://rubygems.org/
  specs:
    docker-api (1.34.2)
      excon (>= 0.47.0)
      multi_json
    excon (0.62.0)
    fileutils (1.1.0)
    json (2.1.0)
    multi_json (1.13.1)
    rake (12.3.1)

PLATFORMS
  ruby

DEPENDENCIES
  docker-api
  fileutils
  json
  rake

BUNDLED WITH
   1.16.3
